GEM
  remote: https://rubygems.org/
  specs:
    git (1.4.0)

PLATFORMS
  ruby

DEPENDENCIES
  git (~> 1.3)

BUNDLED WITH
   1.14.6
