GEM
  remote: https://rubygems.org/
  specs:
    git (1.4.0)
    mail (2.7.0)
      mini_mime (>= 0.1.1)
    mini_mime (1.0.0)
    minitest (5.11.3)
    multi_json (1.13.1)
    mustermann (1.0.2)
    rack (2.0.5)
    rack-protection (2.0.3)
      rack
    sinatra (2.0.3)
      mustermann (~> 1.0)
      rack (~> 2.0)
      rack-protection (= 2.0.3)
      tilt (~> 2.0)
    tilt (2.0.8)

PLATFORMS
  ruby

DEPENDENCIES
  git (~> 1.3)
  mail (~> 2.7)
  minitest (~> 5.11, >= 5.11.3)
  multi_json (~> 1.13, >= 1.13.1)
  sinatra (~> 2.0, >= 2.0.3)

BUNDLED WITH
   1.16.1
